PATH
  remote: .
  specs:
    solar_verde (0.1.0)

GEM
  remote: https://rubygems.org/
  specs:
    byebug (11.1.3)
    coderay (1.1.2)
    method_source (1.0.0)
    pry (0.13.1)
      coderay (~> 1.1)
      method_source (~> 1.0)
    rake (12.3.3)

PLATFORMS
  ruby

DEPENDENCIES
  byebug
  pry
  rake (~> 12.0)
  solar_verde!

BUNDLED WITH
   2.1.4
